GEM
  remote: https://rubygems.org/
  specs:
    coderay (1.0.9)
    commander (4.1.5)
      highline (~> 1.6.11)
    diff-lcs (1.2.4)
    highline (1.6.19)
    method_source (0.8.2)
    obvious (0.0.10)
    pry (0.9.12.2)
      coderay (~> 1.0.5)
      method_source (~> 0.8)
      slop (~> 3.4)
    rspec (2.14.1)
      rspec-core (~> 2.14.0)
      rspec-expectations (~> 2.14.0)
      rspec-mocks (~> 2.14.0)
    rspec-core (2.14.5)
    rspec-expectations (2.14.2)
      diff-lcs (>= 1.1.3, < 2.0)
    rspec-mocks (2.14.3)
    slop (3.4.6)
    validation (0.0.6)

PLATFORMS
  ruby

DEPENDENCIES
  commander
  obvious
  pry
  rspec
  validation
